GEM
  remote: http://rubygems.org/
  specs:
    OptionParser (0.5.1)
    daemons (1.1.0)
    highline (1.6.1)
    hpricot (0.8.3)
    log4r (1.1.9)
    net-scp (1.0.4)
      net-ssh (>= 1.99.1)
    net-sftp (2.0.5)
      net-ssh (>= 2.0.9)
    net-ssh (2.0.23)
    net-ssh-shell (0.1.0)
      net-ssh (>= 2.0.9)
    robustthread (0.5.2)
    rufus-scheduler (2.0.7)
      tzinfo
    termios (0.9.4)
    tzinfo (0.3.23)

PLATFORMS
  ruby

DEPENDENCIES
  OptionParser (= 0.5.1)
  daemons
  highline (= 1.6.1)
  hpricot
  log4r (= 1.1.9)
  net-scp (= 1.0.4)
  net-sftp
  net-ssh (= 2.0.23)
  net-ssh-shell (= 0.1.0)
  robustthread (= 0.5.2)
  rufus-scheduler (= 2.0.7)
  termios (= 0.9.4)
  tzinfo (= 0.3.23)
